GEM
  remote: https://rubygems.org/
  specs:
    redcarpet (3.4.0)
    rouge (2.1.1)
    stringex (2.7.1)

PLATFORMS
  ruby

DEPENDENCIES
  redcarpet (~> 3.4)
  rouge (~> 2.1, >= 2.1.1)
  stringex (~> 2.7, >= 2.7.1)

RUBY VERSION
   ruby 2.5.0p0

BUNDLED WITH
   1.16.1
